PATH
  remote: .
  specs:
    sprockets-dotjs (0.0.3)
      execjs
      sprockets (~> 3)
      tilt

GEM
  remote: http://rubygems.org/
  specs:
    concurrent-ruby (1.0.5)
    execjs (2.7.0)
    rack (1.6.5)
    sprockets (3.7.1)
      concurrent-ruby (~> 1.0)
      rack (> 1, < 3)
    tilt (2.0.7)

PLATFORMS
  ruby

DEPENDENCIES
  sprockets-dotjs!

BUNDLED WITH
   1.14.6
