PATH
  remote: .
  specs:
    sprockets-dotjs (0.0.3)
      execjs
      sprockets
      tilt

GEM
  remote: http://rubygems.org/
  specs:
    concurrent-ruby (1.0.1)
    execjs (2.6.0)
    rack (1.6.4)
    sprockets (3.6.0)
      concurrent-ruby (~> 1.0)
      rack (> 1, < 3)
    tilt (2.0.2)

PLATFORMS
  ruby

DEPENDENCIES
  sprockets-dotjs!

BUNDLED WITH
   1.14.6
